PATH
  remote: .
  specs:
    wwtd (0.3.3)
      parallel

GEM
  remote: https://rubygems.org/
  specs:
    bump (0.4.2)
    diff-lcs (1.2.4)
    parallel (0.9.0)
    rake (10.1.0)
    rspec (2.14.1)
      rspec-core (~> 2.14.0)
      rspec-expectations (~> 2.14.0)
      rspec-mocks (~> 2.14.0)
    rspec-core (2.14.4)
    rspec-expectations (2.14.0)
      diff-lcs (>= 1.1.3, < 2.0)
    rspec-mocks (2.14.2)

PLATFORMS
  ruby

DEPENDENCIES
  bump
  rake
  rspec (~> 2)
  wwtd!
